GEM
  remote: https://rubygems.org/
  specs:
    coderay (1.1.3)
    method_source (1.0.0)
    mysql2 (0.5.3)
    nio4r (2.5.4)
    pry (0.13.1)
      coderay (~> 1.1)
      method_source (~> 1.0)
    puma (4.3.6)
      nio4r (~> 2.0)
    rack (2.2.3)
    sequel (5.36.0)
    slim (4.1.0)
      temple (>= 0.7.6, < 0.9)
      tilt (>= 2.0.6, < 2.1)
    temple (0.8.2)
    tilt (2.0.10)

PLATFORMS
  ruby

DEPENDENCIES
  mysql2
  pry
  puma
  rack
  sequel
  slim

BUNDLED WITH
   1.17.3
